STORAGE: NONE
NUGET
  remote: https://api.nuget.org/v3/index.json
    Elmish.Toastr (2.1)
      Fable.Core (>= 3.0) - restriction: >= netstandard2.0
      Fable.Elmish (>= 3.0) - restriction: >= netstandard2.0
      FSharp.Core (>= 4.6.2) - restriction: >= netstandard2.0
    Fable.Browser.Blob (1.1.4) - restriction: >= netstandard2.0
      Fable.Core (>= 3.0) - restriction: >= netstandard2.0
      FSharp.Core (>= 4.7.2) - restriction: >= netstandard2.0
    Fable.Browser.Dom (2.4.4) - restriction: >= netstandard2.0
      Fable.Browser.Blob (>= 1.1.4) - restriction: >= netstandard2.0
      Fable.Browser.Event (>= 1.4.4) - restriction: >= netstandard2.0
      Fable.Browser.WebStorage (>= 1.0.4) - restriction: >= netstandard2.0
      Fable.Core (>= 3.0) - restriction: >= netstandard2.0
      FSharp.Core (>= 4.7.2) - restriction: >= netstandard2.0
    Fable.Browser.Event (1.4.4) - restriction: >= netstandard2.0
      Fable.Browser.Gamepad (>= 1.0.3) - restriction: >= netstandard2.0
      Fable.Core (>= 3.0) - restriction: >= netstandard2.0
      FSharp.Core (>= 4.7.2) - restriction: >= netstandard2.0
    Fable.Browser.Gamepad (1.0.3) - restriction: >= netstandard2.0
      Fable.Core (>= 3.0) - restriction: >= netstandard2.0
      FSharp.Core (>= 4.7.2) - restriction: >= netstandard2.0
    Fable.Browser.Geolocation (1.0.4) - restriction: >= netstandard2.0
      Fable.Core (>= 3.0) - restriction: >= netstandard2.0
      FSharp.Core (>= 4.7.2) - restriction: >= netstandard2.0
    Fable.Browser.MediaStream (3.0.4) - restriction: >= netstandard2.0
      Fable.Browser.Dom (>= 2.4.4) - restriction: >= netstandard2.0
      Fable.Browser.Event (>= 1.4.4) - restriction: >= netstandard2.0
      Fable.Core (>= 3.0) - restriction: >= netstandard2.0
      FSharp.Core (>= 4.7.2) - restriction: >= netstandard2.0
    Fable.Browser.Navigator (2.1)
      Fable.Browser.Gamepad (>= 1.0.3) - restriction: >= netstandard2.0
      Fable.Browser.Geolocation (>= 1.0.4) - restriction: >= netstandard2.0
      Fable.Browser.MediaStream (>= 3.0.4) - restriction: >= netstandard2.0
      Fable.Browser.Worker (>= 1.0.5) - restriction: >= netstandard2.0
      Fable.Core (>= 3.1.5) - restriction: >= netstandard2.0
      FSharp.Core (>= 4.7.2) - restriction: >= netstandard2.0
    Fable.Browser.WebStorage (1.0.4) - restriction: >= netstandard2.0
      Fable.Browser.Event (>= 1.4.4) - restriction: >= netstandard2.0
      Fable.Core (>= 3.0) - restriction: >= netstandard2.0
      FSharp.Core (>= 4.7.2) - restriction: >= netstandard2.0
    Fable.Browser.Worker (1.0.5) - restriction: >= netstandard2.0
      Fable.Browser.Event (>= 1.4.4) - restriction: >= netstandard2.0
      Fable.Core (>= 3.0) - restriction: >= netstandard2.0
      FSharp.Core (>= 4.7.2) - restriction: >= netstandard2.0
    Fable.Core (3.2.7)
      FSharp.Core (>= 4.7.2) - restriction: >= netstandard2.0
    Fable.Elmish (3.0.4) - restriction: >= netstandard2.0
      Fable.Core (>= 3.0) - restriction: >= netstandard2.0
      FSharp.Core (>= 4.6.2) - restriction: >= netstandard2.0
    Fable.Elmish.Browser (3.0.4)
      Fable.Browser.Dom (>= 1.0) - restriction: >= netstandard2.0
      Fable.Core (>= 3.0) - restriction: >= netstandard2.0
      Fable.Elmish (>= 3.0) - restriction: >= netstandard2.0
      FSharp.Core (>= 4.6.2) - restriction: >= netstandard2.0
    Fable.Elmish.Debugger (3.2)
      Fable.Core (>= 3.1.5) - restriction: >= netstandard2.0
      Fable.Elmish (>= 3.0) - restriction: >= netstandard2.0
      FSharp.Core (>= 4.7) - restriction: >= netstandard2.0
      Thoth.Json (>= 4.0) - restriction: >= netstandard2.0
    Fable.Elmish.HMR (4.0.1)
      Fable.Core (>= 3.0) - restriction: >= netstandard2.0
      Fable.Elmish.Browser (>= 3.0) - restriction: >= netstandard2.0
      Fable.Elmish.React (>= 3.0.1) - restriction: >= netstandard2.0
      FSharp.Core (>= 4.6.2) - restriction: >= netstandard2.0
    Fable.Elmish.React (3.0.1)
      Fable.Core (>= 3.0) - restriction: >= netstandard2.0
      Fable.Elmish (>= 3.0) - restriction: >= netstandard2.0
      Fable.React (>= 5.1) - restriction: >= netstandard2.0
      FSharp.Core (>= 4.6.2) - restriction: >= netstandard2.0
    Fable.Fetch (2.3.1) - restriction: >= netstandard2.0
      Fable.Browser.Blob (>= 1.1.4) - restriction: >= netstandard2.0
      Fable.Core (>= 3.1.5) - restriction: >= netstandard2.0
      Fable.Promise (>= 2.2.2) - restriction: >= netstandard2.0
      FSharp.Core (>= 4.7.2) - restriction: >= netstandard2.0
    Fable.FontAwesome (2.0) - restriction: >= netstandard2.0
      Fable.Core (>= 3.0) - restriction: >= netstandard2.0
      Fable.React (>= 5.1) - restriction: >= netstandard2.0
    Fable.FontAwesome.Free (2.1)
      Fable.Core (>= 3.0) - restriction: >= netstandard2.0
      Fable.FontAwesome (>= 2.0) - restriction: >= netstandard2.0
      Fable.React (>= 5.1) - restriction: >= netstandard2.0
    Fable.MomentJs (2.0.4.23973)
      Fable.Core (>= 3.1.4) - restriction: >= netstandard2.0
      FSharp.Core (>= 4.7) - restriction: >= netstandard2.0
    Fable.Promise (2.2.2)
      Fable.Core (>= 3.1.5) - restriction: >= netstandard2.0
      FSharp.Core (>= 4.7.2) - restriction: >= netstandard2.0
    Fable.React (7.4.1) - restriction: >= netstandard2.0
      Fable.Browser.Dom (>= 2.4.4) - restriction: >= netstandard2.0
      Fable.Core (>= 3.2.7) - restriction: >= netstandard2.0
      FSharp.Core (>= 4.7.2) - restriction: >= netstandard2.0
    FSharp.Core (5.0.1)
    Fulma (2.11)
      Fable.Core (>= 3.2.6) - restriction: >= netstandard2.0
      Fable.React (>= 7.4) - restriction: >= netstandard2.0
    Thoth.Fetch (2.0)
      Fable.Core (>= 3.1.5) - restriction: >= netstandard2.0
      Fable.Fetch (>= 2.1) - restriction: >= netstandard2.0
      Fable.Promise (>= 2.0) - restriction: >= netstandard2.0
      FSharp.Core (>= 4.7) - restriction: >= netstandard2.0
      Thoth.Json (>= 4.0) - restriction: >= netstandard2.0
    Thoth.Json (5.1) - restriction: >= netstandard2.0
      Fable.Core (>= 3.1.6) - restriction: >= netstandard2.0
      FSharp.Core (>= 4.7.2) - restriction: >= netstandard2.0
